GIT
  remote: https://github.com/conjurinc/api-ruby.git
  revision: 937387fca8380a54047c56b6384f26bf795495aa
  branch: master
  specs:
    conjur-api (4.20.0)
      activesupport
      rest-client (~> 1.7, >= 1.7.3)
      semantic

GIT
  remote: https://github.com/conjurinc/cli-ruby.git
  revision: 06c154fc3e6c19df22ccb4742e31adb1d138fae2
  branch: master
  specs:
    conjur-cli (4.29.1)
      activesupport
      cas_rest_client
      conjur-api (~> 4.20)
      deep_merge
      gli (>= 2.8.0)
      highline
      methadone
      netrc (~> 0.10.2)
      xdg

GEM
  remote: https://rubygems.org/
  specs:
    activesupport (4.2.5.1)
      i18n (~> 0.7)
      json (~> 1.7, >= 1.7.7)
      minitest (~> 5.1)
      thread_safe (~> 0.3, >= 0.3.4)
      tzinfo (~> 1.1)
    builder (3.2.2)
    cas_rest_client (1.3)
      rest-client (>= 1.4.2)
    chef (12.5.1)
      chef-config (= 12.5.1)
      chef-zero (~> 4.2, >= 4.2.2)
      diff-lcs (~> 1.2, >= 1.2.4)
      erubis (~> 2.7)
      ffi-yajl (~> 2.2)
      highline (~> 1.6, >= 1.6.9)
      mixlib-authentication (~> 1.3)
      mixlib-cli (~> 1.4)
      mixlib-log (~> 1.3)
      mixlib-shellout (~> 2.0)
      net-ssh (~> 2.6)
      net-ssh-multi (~> 1.1)
      ohai (>= 8.6.0.alpha.1, < 9)
      plist (~> 3.1.0)
      pry (~> 0.9)
      rspec-core (~> 3.2)
      rspec-expectations (~> 3.2)
      rspec-mocks (~> 3.2)
      rspec_junit_formatter (~> 0.2.0)
      serverspec (~> 2.7)
      specinfra (~> 2.10)
      syslog-logger (~> 1.6)
    chef-config (12.5.1)
      mixlib-config (~> 2.0)
      mixlib-shellout (~> 2.0)
    chef-zero (4.5.0)
      ffi-yajl (~> 2.2)
      hashie (>= 2.0, < 4.0)
      mixlib-log (~> 1.3)
      rack
      uuidtools (~> 2.1)
    chefspec (4.5.0)
      chef (>= 11.14)
      fauxhai (~> 3.0, >= 3.0.1)
      rspec (~> 3.0)
    ci_reporter (2.0.0)
      builder (>= 2.1.2)
    ci_reporter_spinach (1.0.0)
      ci_reporter (~> 2.0)
      spinach (~> 0.8.7)
    coderay (1.1.0)
    colorize (0.7.7)
    deep_merge (1.0.1)
    diff-lcs (1.2.5)
    docker-api (1.26.0)
      excon (>= 0.38.0)
      json
    domain_name (0.5.20160128)
      unf (>= 0.0.5, < 1.0.0)
    erubis (2.7.0)
    excon (0.45.4)
    fauxhai (3.1.0)
      net-ssh
    ffi (1.9.10)
    ffi-yajl (2.2.3)
      libyajl2 (~> 1.2)
    gherkin-ruby (0.3.2)
    gli (2.13.4)
    hashie (3.4.3)
    highline (1.7.8)
    http-cookie (1.0.2)
      domain_name (~> 0.5)
    i18n (0.7.0)
    ipaddress (0.8.2)
    json (1.8.3)
    libyajl2 (1.2.0)
    methadone (1.9.2)
      bundler
    method_source (0.8.2)
    mime-types (2.99)
    minitest (5.8.4)
    mixlib-authentication (1.4.0)
      mixlib-log
      rspec-core (~> 3.2)
      rspec-expectations (~> 3.2)
      rspec-mocks (~> 3.2)
    mixlib-cli (1.5.0)
    mixlib-config (2.2.1)
    mixlib-log (1.6.0)
    mixlib-shellout (2.2.6)
    multi_json (1.11.2)
    net-scp (1.2.1)
      net-ssh (>= 2.6.5)
    net-ssh (2.9.4)
    net-ssh-gateway (1.2.0)
      net-ssh (>= 2.6.5)
    net-ssh-multi (1.2.1)
      net-ssh (>= 2.6.5)
      net-ssh-gateway (>= 1.2.0)
    net-telnet (0.1.1)
    netrc (0.10.3)
    ohai (8.10.0)
      chef-config (>= 12.5.0.alpha.1, < 13)
      ffi (~> 1.9)
      ffi-yajl (~> 2.2)
      ipaddress
      mixlib-cli
      mixlib-config (~> 2.0)
      mixlib-log
      mixlib-shellout (~> 2.0)
      rake (~> 10.1)
      systemu (~> 2.6.4)
      wmi-lite (~> 1.0)
    plist (3.1.0)
    pry (0.10.3)
      coderay (~> 1.1.0)
      method_source (~> 0.8.1)
      slop (~> 3.4)
    rack (1.6.4)
    rake (10.5.0)
    rest-client (1.8.0)
      http-cookie (>= 1.0.2, < 2.0)
      mime-types (>= 1.16, < 3.0)
      netrc (~> 0.7)
    rspec (3.4.0)
      rspec-core (~> 3.4.0)
      rspec-expectations (~> 3.4.0)
      rspec-mocks (~> 3.4.0)
    rspec-core (3.4.2)
      rspec-support (~> 3.4.0)
    rspec-expectations (3.4.0)
      diff-lcs (>= 1.2.0, < 2.0)
      rspec-support (~> 3.4.0)
    rspec-its (1.2.0)
      rspec-core (>= 3.0.0)
      rspec-expectations (>= 3.0.0)
    rspec-mocks (3.4.1)
      diff-lcs (>= 1.2.0, < 2.0)
      rspec-support (~> 3.4.0)
    rspec-support (3.4.1)
    rspec_junit_formatter (0.2.3)
      builder (< 4)
      rspec-core (>= 2, < 4, != 2.12.0)
    semantic (1.4.1)
    serverspec (2.29.2)
      multi_json
      rspec (~> 3.0)
      rspec-its
      specinfra (~> 2.48)
    sfl (2.2)
    slop (3.6.0)
    specinfra (2.51.0)
      net-scp
      net-ssh (>= 2.7, < 3.1)
      net-telnet
      sfl
    spinach (0.8.10)
      colorize
      gherkin-ruby (>= 0.3.2)
      json
    syslog-logger (1.6.8)
    systemu (2.6.5)
    thread_safe (0.3.5)
    tzinfo (1.2.2)
      thread_safe (~> 0.1)
    unf (0.1.4)
      unf_ext
    unf_ext (0.0.7.1)
    uuidtools (2.1.5)
    wmi-lite (1.0.0)
    xdg (2.2.3)

PLATFORMS
  ruby

DEPENDENCIES
  chef (= 12.5.1)
  chefspec
  ci_reporter_spinach
  conjur-api!
  conjur-cli!
  docker-api
  net-ssh (~> 2.9)
  netrc
  pry
  rspec-core
  rspec-expectations
  rspec_junit_formatter
  spinach
